GEM
  remote: http://rubygems.org/
  specs:
    coderay (1.0.0)
    nokogiri (1.5.0)
    rack (1.3.4)
    rack-codehighlighter (0.5.0)
      nokogiri (>= 1.4.1)
      rack (>= 1.0.0)
    rack-protection (1.1.4)
      rack
    rake (0.9.2)
    rdiscount (1.6.8)
    shotgun (0.9)
      rack (>= 1.0)
    sinatra (1.3.1)
      rack (~> 1.3, >= 1.3.4)
      rack-protection (~> 1.1, >= 1.1.2)
      tilt (~> 1.3, >= 1.3.3)
    tilt (1.3.3)

PLATFORMS
  ruby

DEPENDENCIES
  coderay
  rack-codehighlighter
  rake
  rdiscount
  shotgun
  sinatra
